

GROUP example_deps
STORAGE: NONE
RESTRICTION: || (== net8.0) (== netstandard2.0)
NUGET
  remote: https://api.nuget.org/v3/index.json
    Expecto (9.0.4)
      FSharp.Core (>= 4.6)
      Mono.Cecil (>= 0.11.3)
    FSharp.Core (6.0.3)
    FSharp.Data (5.0.2)
      FSharp.Core (>= 5.0.1)
    Microsoft.AspNetCore.App.Ref (8.0.1)
    Microsoft.AspNetCore.App.Runtime.linux-x64 (8.0.1)
    Microsoft.AspNetCore.App.Runtime.osx-x64 (8.0.1)
    Microsoft.AspNetCore.App.Runtime.win-x64 (8.0.1)
    Microsoft.NETCore.App.Ref (8.0.1)
    Microsoft.NETCore.App.Runtime.linux-x64 (8.0.1)
    Microsoft.NETCore.App.Runtime.osx-x64 (8.0.1)
    Microsoft.NETCore.App.Runtime.win-x64 (8.0.1)
    Microsoft.NETCore.Platforms (7.0.4)
    Mono.Cecil (0.11.4)
    NETStandard.Library (2.0.3)
      Microsoft.NETCore.Platforms (>= 1.1)
